GEM
  remote: https://rubygems.org/
  specs:
    rack (1.5.2)
    rack-proxy (0.4.0)
      rack

PLATFORMS
  ruby

DEPENDENCIES
  rack
  rack-proxy
